GEM
  remote: http://rubygems.org/
  specs:
    bson (1.6.2)
    bson_ext (1.6.2)
      bson (~> 1.6.2)
    faraday (0.8.1)
      multipart-post (~> 1.1)
    hiredis (0.4.5)
    mongo (1.6.2)
      bson (~> 1.6.2)
    mongo_ext (0.19.3)
    multi_json (1.3.6)
    multipart-post (1.1.5)
    redis (3.0.1)
    simple_oauth (0.1.8)
    twitter (2.5.0)
      faraday (~> 0.8)
      multi_json (~> 1.3)
      simple_oauth (~> 0.1.6)

PLATFORMS
  ruby

DEPENDENCIES
  bson_ext (= 1.6.2)
  hiredis (= 0.4.5)
  mongo (= 1.6.2)
  mongo_ext
  redis (= 3.0.1)
  twitter (= 2.5.0)
